GEM
  remote: http://rubygems.org/
  specs:
    beanstalk-client (1.1.0)
    haml (3.0.25)
    json_pure (1.4.6)
    rack (1.2.2)
    sinatra (1.2.1)
      rack (~> 1.1)
      tilt (>= 1.2.2, < 2.0)
    stalker (0.5.0)
      beanstalk-client
      json_pure
    tilt (1.2.2)

PLATFORMS
  ruby

DEPENDENCIES
  haml
  rack
  sinatra
  stalker
